GEM
  remote: https://rubygems.org/
  specs:
    coderay (1.1.0)
    curses (1.0.0)
    diff-lcs (1.2.5)
    dispel (0.0.7)
      curses
    method_source (0.8.2)
    pry (0.9.12.6)
      coderay (~> 1.0)
      method_source (~> 0.8)
      slop (~> 3.4)
    rspec (2.14.1)
      rspec-core (~> 2.14.0)
      rspec-expectations (~> 2.14.0)
      rspec-mocks (~> 2.14.0)
    rspec-core (2.14.8)
    rspec-expectations (2.14.5)
      diff-lcs (>= 1.1.3, < 2.0)
    rspec-mocks (2.14.6)
    slop (3.4.7)

PLATFORMS
  ruby

DEPENDENCIES
  curses
  dispel
  pry
  rspec
