GEM
  remote: https://rubygems.org/
  specs:
    curses (1.0.0)
    diff-lcs (1.2.5)
    dispel (0.0.7)
      curses
    rspec (2.14.1)
      rspec-core (~> 2.14.0)
      rspec-expectations (~> 2.14.0)
      rspec-mocks (~> 2.14.0)
    rspec-core (2.14.8)
    rspec-expectations (2.14.5)
      diff-lcs (>= 1.1.3, < 2.0)
    rspec-mocks (2.14.6)

PLATFORMS
  ruby

DEPENDENCIES
  curses
  dispel
  rspec
